PATH
  remote: .
  specs:
    homographic_spoofing (0.1.0)

GEM
  remote: https://rubygems.org/
  specs:
    minitest (5.17.0)
    rake (13.0.6)

PLATFORMS
  arm64-darwin-21

DEPENDENCIES
  homographic_spoofing!
  minitest (~> 5.0)
  rake (~> 13.0)

BUNDLED WITH
   2.4.6
